GEM
  remote: http://rubygems.org/
  specs:
    mysql (2.8.1)
    rack (1.2.1)
    sinatra (1.0)
      rack (>= 1.0)

PLATFORMS
  ruby

DEPENDENCIES
  mysql
  sinatra
